GEM
  remote: http://rubygems.org/
  specs:
    rack (1.6.4)
    rack-protection (1.5.3)
      rack
    ruby_http_client (3.0.0)
    sendgrid-ruby (4.0.4)
      ruby_http_client (~> 3.0.0)
    sinatra (1.4.7)
      rack (~> 1.5)
      rack-protection (~> 1.4)
      tilt (>= 1.3, < 3)
    sinatra-flash (0.3.0)
      sinatra (>= 1.0.0)
    tilt (2.0.5)

PLATFORMS
  ruby

DEPENDENCIES
  sendgrid-ruby
  sinatra
  sinatra-flash

BUNDLED WITH
   1.13.2
